GEM
  remote: https://rubygems.org/
  specs:
    coderay (1.1.0)
    columnize (0.3.6)
    debugger (1.6.5)
      columnize (>= 0.3.1)
      debugger-linecache (~> 1.2.0)
      debugger-ruby_core_source (~> 1.3.1)
    debugger-linecache (1.2.0)
    debugger-ruby_core_source (1.3.1)
    elasticsearch (1.0.0)
      elasticsearch-api (= 1.0.0)
      elasticsearch-transport (= 1.0.0)
    elasticsearch-api (1.0.0)
      multi_json
    elasticsearch-transport (1.0.0)
      faraday
      multi_json
    faraday (0.8.9)
      multipart-post (~> 1.2.0)
    method_source (0.8.2)
    multi_json (1.8.4)
    multipart-post (1.2.0)
    pry (0.9.12.6)
      coderay (~> 1.0)
      method_source (~> 0.8)
      slop (~> 3.4)
    pry-debugger (0.2.2)
      debugger (~> 1.3)
      pry (~> 0.9.10)
    slop (3.4.7)

PLATFORMS
  ruby

DEPENDENCIES
  elasticsearch
  pry
  pry-debugger
